GEM
  remote: https://rubygems.org/
  specs:
    coderay (1.1.3)
    excon (0.112.0)
    ffi (1.17.1)
    ffi (1.17.1-x86_64-linux-musl)
    formatador (1.1.0)
    guard (2.19.1)
      formatador (>= 0.2.4)
      listen (>= 2.7, < 4.0)
      logger (~> 1.6)
      lumberjack (>= 1.0.12, < 2.0)
      nenv (~> 0.1)
      notiffany (~> 0.0)
      ostruct (~> 0.6)
      pry (>= 0.13.0)
      shellany (~> 0.0)
      thor (>= 0.18.1)
    guard-compat (1.2.1)
    guard-puma (0.8.1)
      guard (~> 2.14)
      guard-compat (~> 1.2)
      puma (>= 4.0, < 7)
    htmlbeautifier (1.4.3)
    json (2.9.1)
    kramdown (2.5.1)
      rexml (>= 3.3.9)
    kramdown-parser-gfm (1.1.0)
      kramdown (~> 2.0)
    language_server-protocol (3.17.0.4)
    listen (3.9.0)
      rb-fsevent (~> 0.10, >= 0.10.3)
      rb-inotify (~> 0.9, >= 0.9.10)
    logger (1.6.5)
    lumberjack (1.2.10)
    method_source (1.1.0)
    mini_portile2 (2.8.8)
    nenv (0.3.0)
    nio4r (2.7.4)
    notiffany (0.1.3)
      nenv (~> 0.1)
      shellany (~> 0.0)
    ostruct (0.6.1)
    prism (1.3.0)
    pry (0.15.2)
      coderay (~> 1.1)
      method_source (~> 1.0)
    puma (6.6.0)
      nio4r (~> 2.0)
    rack (3.1.10)
    rb-fsevent (0.11.2)
    rb-inotify (0.11.1)
      ffi (~> 1.0)
    rbs (3.8.1)
      logger
    rexml (3.4.0)
    rouge (4.5.1)
    ruby-lsp (0.23.11)
      language_server-protocol (~> 3.17.0)
      prism (>= 1.2, < 2.0)
      rbs (>= 3, < 4)
      sorbet-runtime (>= 0.5.10782)
    shellany (0.0.1)
    simple_spark (1.0.12)
      excon (>= 0.16.0, < 1.0)
      json (>= 1.7.7, < 3.0)
    sorbet-runtime (0.5.11805)
    sqlite3 (2.5.0)
      mini_portile2 (~> 2.8.0)
    sqlite3 (2.5.0-x86_64-linux-musl)
    thor (1.3.2)

PLATFORMS
  ruby
  x86_64-linux-musl

DEPENDENCIES
  guard (= 2.19.1)
  guard-puma (= 0.8.1)
  htmlbeautifier (= 1.4.3)
  kramdown (= 2.5.1)
  kramdown-parser-gfm (= 1.1)
  puma (= 6.6.0)
  rack (= 3.1.10)
  rouge (= 4.5.1)
  ruby-lsp (= 0.23.11)
  simple_spark (= 1.0.12)
  sqlite3 (= 2.5.0)

RUBY VERSION
   ruby 3.4.2p28

BUNDLED WITH
   2.6.2
